GIT
  remote: git://github.com/alexreisner/geocoder.git
  revision: 88ce233bb2f3853f29059e8be237e41d62cc5038
  specs:
    geocoder (1.3.5)

GEM
  remote: http://rubygems.org/
  specs:
    activesupport (4.2.6)
      i18n (~> 0.7)
      json (~> 1.7, >= 1.7.7)
      minitest (~> 5.1)
      thread_safe (~> 0.3, >= 0.3.4)
      tzinfo (~> 1.1)
    byebug (9.0.4)
    chronic (0.10.2)
    i18n (0.7.0)
    json (1.8.3)
    minitest (5.9.0)
    rake (11.1.2)
    thread_safe (0.3.5)
    tzinfo (1.2.2)
      thread_safe (~> 0.1)

PLATFORMS
  ruby

DEPENDENCIES
  activesupport
  byebug
  chronic
  geocoder!
  rake

BUNDLED WITH
   1.11.2
